PATH
  remote: .
  specs:
    lancaster (0.0.0)
      rutie (~> 0.0.3)

GEM
  remote: https://rubygems.org/
  specs:
    avro (1.10.1)
      multi_json (~> 1)
    benchmark-ips (2.8.4)
    multi_json (1.15.0)
    rake (13.0.3)
    rutie (0.0.4)

PLATFORMS
  ruby

DEPENDENCIES
  avro
  benchmark-ips
  lancaster!
  rake

BUNDLED WITH
   2.1.4
